PATH
  remote: .
  specs:
    burstflow (0.1.1)
      activejob
      activerecord
      finite_machine

GEM
  remote: https://rubygems.org/
  specs:
    activejob (5.2.2)
      activesupport (= 5.2.2)
      globalid (>= 0.3.6)
    activemodel (5.2.2)
      activesupport (= 5.2.2)
    activerecord (5.2.2)
      activemodel (= 5.2.2)
      activesupport (= 5.2.2)
      arel (>= 9.0)
    activesupport (5.2.2)
      concurrent-ruby (~> 1.0, >= 1.0.2)
      i18n (>= 0.7, < 2)
      minitest (~> 5.1)
      tzinfo (~> 1.1)
    arel (9.0.0)
    awesome_print (1.8.0)
    concurrent-ruby (1.1.4)
    database_cleaner (1.7.0)
    diff-lcs (1.3)
    finite_machine (0.12.0)
      concurrent-ruby (~> 1.0)
    globalid (0.4.2)
      activesupport (>= 4.2.0)
    hashie (3.6.0)
    hashie-forbidden_attributes (0.1.1)
      hashie (>= 3.0)
    i18n (1.4.0)
      concurrent-ruby (~> 1.0)
    minitest (5.11.3)
    otr-activerecord (1.2.6)
      activerecord (>= 4.0, < 5.3)
      hashie-forbidden_attributes (~> 0.1)
    pg (0.21.0)
    rake (12.3.2)
    rspec (3.8.0)
      rspec-core (~> 3.8.0)
      rspec-expectations (~> 3.8.0)
      rspec-mocks (~> 3.8.0)
    rspec-core (3.8.0)
      rspec-support (~> 3.8.0)
    rspec-expectations (3.8.2)
      diff-lcs (>= 1.2.0, < 2.0)
      rspec-support (~> 3.8.0)
    rspec-mocks (3.8.0)
      diff-lcs (>= 1.2.0, < 2.0)
      rspec-support (~> 3.8.0)
    rspec-support (3.8.0)
    thread_safe (0.3.6)
    tzinfo (1.2.5)
      thread_safe (~> 0.1)
    yajl-ruby (1.4.1)

PLATFORMS
  ruby

DEPENDENCIES
  activesupport
  awesome_print
  bundler
  burstflow!
  database_cleaner
  otr-activerecord
  pg (~> 0.21.0)
  rake
  rspec
  yajl-ruby

BUNDLED WITH
   1.16.0
